PATH
  remote: .
  specs:
    really-confy (0.1.0)
      hashie (~> 3.4.3)
      rainbow (~> 2.0)

GEM
  remote: https://rubygems.org/
  specs:
    hashie (3.4.3)
    rainbow (2.0.0)

PLATFORMS
  ruby

DEPENDENCIES
  really-confy!

BUNDLED WITH
   1.10.5
