PATH
  remote: .
  specs:
    really-confy (0.2.1)
      hashie (~> 3.4)
      rainbow (~> 2.0)

GEM
  remote: https://rubygems.org/
  specs:
    hashie (3.4.2)
    rainbow (2.0.0)

PLATFORMS
  ruby

DEPENDENCIES
  really-confy!

BUNDLED WITH
   1.10.6
